GEM
  remote: https://rubygems.org/
  specs:
    cinch (2.2.5)
    htmlentities (4.3.4)
    mini_portile (0.6.2)
    nokogiri (1.6.6.2)
      mini_portile (~> 0.6.0)

PLATFORMS
  ruby

DEPENDENCIES
  cinch
  htmlentities
  nokogiri
